GEM
  remote: https://rubygems.org/
  specs:
    ansi (1.5.0)
    ast (2.4.0)
    builder (3.2.3)
    byebug (11.0.1)
    codacy-coverage (2.1.0)
      simplecov
    docile (1.3.2)
    jaro_winkler (1.5.3)
    json (2.3.1)
    minitest (5.12.2)
    minitest-ci (3.4.0)
      minitest (>= 5.0.6)
    minitest-fail-fast (0.1.0)
      minitest (~> 5)
    minitest-reporters (1.3.8)
      ansi
      builder
      minitest (>= 5.0)
      ruby-progressbar
    parallel (1.17.0)
    parser (2.6.5.0)
      ast (~> 2.4.0)
    rainbow (3.0.0)
    rake (12.3.3)
    redgreen (1.2.2)
    rubocop (0.75.0)
      jaro_winkler (~> 1.5.1)
      parallel (~> 1.10)
      parser (>= 2.6)
      rainbow (>= 2.2.2, < 4.0)
      ruby-progressbar (~> 1.7)
      unicode-display_width (>= 1.4.0, < 1.7)
    ruby-progressbar (1.10.1)
    simplecov (0.17.1)
      docile (~> 1.1)
      json (>= 1.8, < 3)
      simplecov-html (~> 0.10.0)
    simplecov-html (0.10.2)
    unicode-display_width (1.6.0)

PLATFORMS
  ruby

DEPENDENCIES
  byebug
  codacy-coverage
  minitest
  minitest-ci
  minitest-fail-fast
  minitest-reporters
  rake
  redgreen
  rubocop

RUBY VERSION
   ruby 2.6.4p104

BUNDLED WITH
   1.17.3
